{
	"Modality": "MR",
	"MagneticFieldStrength": 3,
	"ImagingFrequency": 123.26,
	"Manufacturer": "Siemens",
	"ManufacturersModelName": "Prisma",
	"InstitutionName": "Peking_Univeristy",
	"InstitutionalDepartmentName": "Department",
	"InstitutionAddress": "Yiheyuan_Road_5_Beijing3cd14b_Haidian_CN_100871",
	"DeviceSerialNumber": "66014",
	"StationName": "AWP66014",
	"BodyPartExamined": "HEAD",
	"PatientPosition": "HFS",
	"ProcedureStepDescription": "Research_Projects_64CH",
	"SoftwareVersions": "syngo_MR_D13D",
	"MRAcquisitionType": "2D",
	"SeriesDescription": "SpinEchoFieldMap_AP",
	"ProtocolName": "SpinEchoFieldMap_AP",
	"ScanningSequence": "EP",
	"SequenceVariant": "SK",
	"ScanOptions": "FS",
	"SequenceName": "epse2d1_80",
	"ImageType": ["ORIGINAL", "PRIMARY", "M", "ND", "NORM", "MOSAIC"],
	"SeriesNumber": 13,
	"AcquisitionTime": "13:29:26.335000",
	"AcquisitionNumber": 1,
	"ImageComments": "SENSE1",
	"SliceThickness": 4,
	"SpacingBetweenSlices": 4,
	"SAR": 0.151901,
	"EchoTime": 0.0512,
	"RepetitionTime": 3,
	"FlipAngle": 90,
	"PartialFourier": 1,
	"BaseResolution": 80,
	"ShimSetting": [
		-3459,
		-2120,
		-1952,
		263,
		-49,
		-317,
		35,
		36	],
	"TxRefAmp": 216.972,
	"PhaseResolution": 1,
	"ReceiveCoilName": "HeadNeck_64",
	"ReceiveCoilActiveElements": "HC1-6",
	"PulseSequenceDetails": "%CustomerSeq%_cmrr_mbep2d_se",
	"WipMemBlock": "b3a1bdc1-5fb2-42d9-b8cf-e8a4275cebf0||Sequence: vd13d/master r/0d08c20; Mar  9 2017 09:29:53 by eja",
	"ConsistencyInfo": "N4_VD13D_LATEST_20130810",
	"PercentPhaseFOV": 100,
	"EchoTrainLength": 80,
	"PhaseEncodingSteps": 80,
	"AcquisitionMatrixPE": 80,
	"ReconMatrixPE": 80,
	"BandwidthPerPixelPhaseEncode": 21.552,
	"EffectiveEchoSpacing": 0.000579993,
	"DerivedVendorReportedEchoSpacing": 0.000579993,
	"TotalReadoutTime": 0.0458194,
	"PixelBandwidth": 1955,
	"DwellTime": 3.2e-06,
	"PhaseEncodingDirection": "j-",
	"SliceTiming": [
		1.49,
		0,
		1.59,
		0.1,
		1.69,
		0.2,
		1.7875,
		0.2975,
		1.8875,
		0.3975,
		1.9875,
		0.4975,
		2.085,
		0.595,
		2.185,
		0.695,
		2.285,
		0.795,
		2.385,
		0.895,
		2.4825,
		0.9925,
		2.5825,
		1.0925,
		2.6825,
		1.1925,
		2.7825,
		1.2925,
		2.88,
		1.39	],
	"ImageOrientationPatientDICOM": [
		0.998493,
		-0.0502259,
		0.0221285,
		0.0505815,
		0.998595,
		-0.0158156	],
	"InPlanePhaseEncodingDirectionDICOM": "COL",
	"ConversionSoftware": "dcm2niix",
	"ConversionSoftwareVersion": "v1.0.20190902"
}
