{
	"Modality": "MR",
	"MagneticFieldStrength": 3,
	"ImagingFrequency": 123.26,
	"Manufacturer": "Siemens",
	"ManufacturersModelName": "Prisma",
	"InstitutionName": "Peking_Univeristy",
	"InstitutionalDepartmentName": "Department",
	"InstitutionAddress": "Yiheyuan_Road_5_Beijing3cd14b_Haidian_CN_100871",
	"DeviceSerialNumber": "66014",
	"StationName": "AWP66014",
	"BodyPartExamined": "HEAD",
	"PatientPosition": "HFS",
	"ProcedureStepDescription": "Research_Projects_64CH",
	"SoftwareVersions": "syngo_MR_D13D",
	"MRAcquisitionType": "2D",
	"SeriesDescription": "cmrr_mbep2d_diff",
	"ProtocolName": "cmrr_mbep2d_diff",
	"ScanningSequence": "EP",
	"SequenceVariant": "SK_SS",
	"ScanOptions": "FS",
	"SequenceName": "ep_b0",
	"ImageType": ["ORIGINAL", "PRIMARY", "DIFFUSION", "NONE", "MB", "ND", "MOSAIC"],
	"SeriesNumber": 19,
	"AcquisitionTime": "13:44:13.140000",
	"AcquisitionNumber": 1,
	"ImageComments": "Unaliased_MB2_PE4_SENSE1",
	"SliceThickness": 2,
	"SpacingBetweenSlices": 2,
	"SAR": 0.282363,
	"EchoTime": 0.0806,
	"RepetitionTime": 4.16,
	"FlipAngle": 90,
	"PartialFourier": 1,
	"BaseResolution": 128,
	"ShimSetting": [
		-3453,
		-2132,
		-1947,
		278,
		-14,
		-357,
		53,
		58	],
	"DiffusionScheme": "Bipolar",
	"TxRefAmp": 217.397,
	"PhaseResolution": 1,
	"ReceiveCoilName": "HeadNeck_64",
	"ReceiveCoilActiveElements": "HC1-6",
	"PulseSequenceDetails": "%CustomerSeq%_cmrr_mbep2d_diff",
	"WipMemBlock": "1f5f79fd-4c6f-4447-afe4-fdff7736b893||Sequence: vd13d/master r/0d08c20; Mar  9 2017 09:29:16 by eja",
	"RefLinesPE": 24,
	"ConsistencyInfo": "N4_VD13D_LATEST_20130810",
	"MultibandAccelerationFactor": 2,
	"PercentPhaseFOV": 100,
	"EchoTrainLength": 63,
	"PhaseEncodingSteps": 127,
	"AcquisitionMatrixPE": 128,
	"ReconMatrixPE": 128,
	"BandwidthPerPixelPhaseEncode": 25.615,
	"ParallelReductionFactorInPlane": 2,
	"EffectiveEchoSpacing": 0.000304997,
	"DerivedVendorReportedEchoSpacing": 0.000609994,
	"TotalReadoutTime": 0.0387346,
	"PixelBandwidth": 2170,
	"DwellTime": 1.8e-06,
	"PhaseEncodingDirection": "j-",
	"SliceTiming": [
		0,
		1.955,
		3.91,
		1.725,
		3.68,
		1.495,
		3.45,
		1.265,
		3.22,
		1.035,
		2.99,
		0.805,
		2.76,
		0.575,
		2.53,
		0.345,
		2.3,
		0.115,
		2.07,
		4.025,
		1.84,
		3.795,
		1.61,
		3.565,
		1.38,
		3.335,
		1.15,
		3.105,
		0.92,
		2.875,
		0.69,
		2.645,
		0.46,
		2.415,
		0.23,
		2.185,
		0,
		1.955,
		3.91,
		1.725,
		3.68,
		1.495,
		3.45,
		1.265,
		3.22,
		1.035,
		2.99,
		0.805,
		2.76,
		0.575,
		2.53,
		0.345,
		2.3,
		0.115,
		2.07,
		4.025,
		1.84,
		3.795,
		1.61,
		3.565,
		1.38,
		3.335,
		1.15,
		3.105,
		0.92,
		2.875,
		0.69,
		2.645,
		0.46,
		2.415,
		0.23,
		2.185	],
	"ImageOrientationPatientDICOM": [
		0.999048,
		0,
		0.0436194,
		0,
		1,
		0	],
	"InPlanePhaseEncodingDirectionDICOM": "COL",
	"ConversionSoftware": "dcm2niix",
	"ConversionSoftwareVersion": "v1.0.20190902"
}
