{
	"Modality": "MR",
	"MagneticFieldStrength": 3,
	"ImagingFrequency": 123.26,
	"Manufacturer": "Siemens",
	"ManufacturersModelName": "Prisma",
	"InstitutionName": "Peking_Univeristy",
	"InstitutionalDepartmentName": "Department",
	"InstitutionAddress": "Yiheyuan_Road_5_Beijing3cd14b_Haidian_CN_100871",
	"DeviceSerialNumber": "66014",
	"StationName": "AWP66014",
	"BodyPartExamined": "HEAD",
	"PatientPosition": "HFS",
	"ProcedureStepDescription": "Research_Projects_64CH",
	"SoftwareVersions": "syngo_MR_D13D",
	"MRAcquisitionType": "3D",
	"SeriesDescription": "T1_mpr_ns_sag_ADNI_176mm",
	"ProtocolName": "T1_mpr_ns_sag_ADNI_176mm",
	"ScanningSequence": "GR_IR",
	"SequenceVariant": "SK_SP_MP",
	"ScanOptions": "IR",
	"SequenceName": "_tfl3d1_16ns",
	"ImageType": ["ORIGINAL", "PRIMARY", "M", "NORM", "DIS2D"],
	"SeriesNumber": 3,
	"AcquisitionTime": "12:56:38.800000",
	"AcquisitionNumber": 1,
	"SliceThickness": 1,
	"SAR": 0.0740147,
	"EchoTime": 0.00234,
	"RepetitionTime": 1.54,
	"InversionTime": 0.807,
	"FlipAngle": 9,
	"PartialFourier": 1,
	"BaseResolution": 256,
	"ShimSetting": [
		-3451,
		-2096,
		-2173,
		36,
		-6,
		-112,
		17,
		26	],
	"TxRefAmp": 216.972,
	"PhaseResolution": 1,
	"ReceiveCoilName": "HeadNeck_64",
	"ReceiveCoilActiveElements": "HC1-7;NC1,2",
	"CoilString": "HC1-7;NC1_2",
	"PulseSequenceDetails": "%SiemensSeq%_tfl",
	"RefLinesPE": 24,
	"ConsistencyInfo": "N4_VD13D_LATEST_20130810",
	"PercentPhaseFOV": 100,
	"PhaseEncodingSteps": 255,
	"AcquisitionMatrixPE": 256,
	"ReconMatrixPE": 256,
	"ParallelReductionFactorInPlane": 2,
	"PixelBandwidth": 190,
	"DwellTime": 1.03e-05,
	"ImageOrientationPatientDICOM": [
		0.0523357,
		0.99863,
		0.000174491,
		0.00174972,
		8.30316e-05,
		-0.999998	],
	"InPlanePhaseEncodingDirectionDICOM": "ROW",
	"ConversionSoftware": "dcm2niix",
	"ConversionSoftwareVersion": "v1.0.20190902"
}
