{
	"Modality": "MR",
	"TaskName": "rest", 
	"MagneticFieldStrength": 3,
	"ImagingFrequency": 123.26,
	"Manufacturer": "Siemens",
	"ManufacturersModelName": "Prisma",
	"InstitutionName": "Peking_Univeristy",
	"InstitutionalDepartmentName": "Department",
	"InstitutionAddress": "Yiheyuan_Road_5_Beijing3cd14b_Haidian_CN_100871",
	"DeviceSerialNumber": "66014",
	"StationName": "AWP66014",
	"BodyPartExamined": "HEAD",
	"PatientPosition": "HFS",
	"ProcedureStepDescription": "Research_Projects_64CH",
	"SoftwareVersions": "syngo_MR_D13D",
	"MRAcquisitionType": "2D",
	"SeriesDescription": "resting_state_FMRI",
	"ProtocolName": "resting_state_FMRI",
	"ScanningSequence": "EP",
	"SequenceVariant": "SK_SS",
	"ScanOptions": "FS_EXT",
	"SequenceName": "epfid2d1_80",
	"ImageType": ["ORIGINAL", "PRIMARY", "M", "ND", "NORM", "MOSAIC"],
	"SeriesNumber": 6,
	"AcquisitionTime": "13:05:44.580000",
	"AcquisitionNumber": 1,
	"ImageComments": "SENSE1",
	"SliceThickness": 4,
	"SpacingBetweenSlices": 4,
	"SAR": 0.0882345,
	"EchoTime": 0.03,
	"RepetitionTime": 2,
	"FlipAngle": 90,
	"PartialFourier": 1,
	"BaseResolution": 80,
	"ShimSetting": [
		-3461,
		-2112,
		-1908,
		394,
		-64,
		-345,
		101,
		43	],
	"TxRefAmp": 216.972,
	"PhaseResolution": 1,
	"ReceiveCoilName": "HeadNeck_64",
	"ReceiveCoilActiveElements": "HC1-6",
	"PulseSequenceDetails": "%CustomerSeq%_cmrr_mbep2d_bold",
	"WipMemBlock": "285541ac-d595-41d7-a55f-9cb460af9efa||Sequence: vd13d/master r/0d08c20; Mar  9 2017 09:28:48 by eja",
	"RefLinesPE": 24,
	"ConsistencyInfo": "N4_VD13D_LATEST_20130810",
	"PercentPhaseFOV": 100,
	"EchoTrainLength": 39,
	"PhaseEncodingSteps": 79,
	"AcquisitionMatrixPE": 80,
	"ReconMatrixPE": 80,
	"BandwidthPerPixelPhaseEncode": 43.103,
	"ParallelReductionFactorInPlane": 2,
	"EffectiveEchoSpacing": 0.000290003,
	"DerivedVendorReportedEchoSpacing": 0.000580006,
	"TotalReadoutTime": 0.0232002,
	"TotalReadoutTimeFSL": 0.0229102,
	"PixelBandwidth": 2015,
	"DwellTime": 3.1e-06,
	"PhaseEncodingDirection": "j-",
	"SliceTiming": [
		0.99,
		0,
		1.05,
		0.06,
		1.1075,
		0.1175,
		1.165,
		0.175,
		1.2225,
		0.235,
		1.2825,
		0.2925,
		1.34,
		0.35,
		1.3975,
		0.4075,
		1.4575,
		0.4675,
		1.515,
		0.525,
		1.5725,
		0.5825,
		1.6325,
		0.6425,
		1.69,
		0.7,
		1.7475,
		0.7575,
		1.805,
		0.815,
		1.865,
		0.875,
		1.9225,
		0.9325	],
	"ImageOrientationPatientDICOM": [
		0.998493,
		-0.0502259,
		0.0221285,
		0.0505815,
		0.998595,
		-0.0158156	],
	"InPlanePhaseEncodingDirectionDICOM": "COL",
	"ConversionSoftware": "dcm2niix",
	"ConversionSoftwareVersion": "v1.0.20190902"
}
